{"TaskName":"ep2d_bold_MemoryAndManiupulate_3","RepetitionTime":2,"Manufacturer":"SIEMENS ","ManufacturerModelName":"TrioTim ","MagneticFieldStrength":3,"DeviceSerialNumber":"35368 ","SoftwareVersions":"syngo MR B17","ReceiveCoilName":" ","GradientSetType":" ","MRTransmitCoilSequence":" ","MatrixCoilMode":" ","CoilCombinationMethod":" ","PulseSequenceType":" ","PulseSequenceDetails":" ","NumberShots":" ","ParallelReductionFactorInPlane":" ","ParallelAcquisitionTechnique":" ","PartialFourier":" ","PartialFourierDirection":" ","EffectiveEchoSpacing":0.00026499894000423993,"TotalReadoutTime":0.020934916260334956,"EchoTime":0.03,"InversionTime":" ","SliceTiming":[1.005,0,1.06,0.0575,1.1174999999900002,0.11249999999,1.17249999999,0.16749999998,1.22749999998,0.22500000001,1.285,0.28,1.34,0.33499999999,1.39499999999,0.39249999999,1.44999999998,0.44749999998,1.50749999998,0.5025,1.5625,0.56,1.6174999999900002,0.61499999999,1.67499999999,0.66999999998,1.72999999998,0.72500000001,1.785,0.7825,1.8425,0.83749999999,1.8974999999900002,0.89249999999,1.95249999998,0.94999999998],"NumberOfVolumesDiscardedByScanner":" ","NumberOfVolumesDiscardedByUser":10,"DelayTime":" ","FlipAngle":60,"MultibandAccelerationFactor":" ","Instructions":" ","TaskDescription":" ","CogAtlasID":" ","CogPOID":" ","InstitutionName":"Robarts Research Institute","InstitutionAddress":"Perth Drive 100,London//709CAB//,Ontario,CA,N6A 5K8"}