{"TaskName":"ep2d_bold_MemoryAndManiupulate_1","RepetitionTime":2,"Manufacturer":"SIEMENS ","ManufacturerModelName":"TrioTim ","MagneticFieldStrength":3,"DeviceSerialNumber":"35368 ","SoftwareVersions":"syngo MR B17","ReceiveCoilName":" ","GradientSetType":" ","MRTransmitCoilSequence":" ","MatrixCoilMode":" ","CoilCombinationMethod":" ","PulseSequenceType":" ","PulseSequenceDetails":" ","NumberShots":" ","ParallelReductionFactorInPlane":" ","ParallelAcquisitionTechnique":" ","PartialFourier":" ","PartialFourierDirection":" ","EffectiveEchoSpacing":0.00026499894000423993,"TotalReadoutTime":0.020934916260334956,"EchoTime":0.03,"InversionTime":" ","SliceTiming":[1.0025,0,1.0575,0.05500000002,1.11500000002,0.11000000002,1.17000000001,0.16500000001,1.2250000000099999,0.2225,1.2825,0.2775,1.33750000002,0.33250000002,1.39250000002,0.39000000001,1.4475000000099998,0.44500000001,1.505,0.5,1.56,0.5575,1.61500000002,0.61250000002,1.67250000002,0.66750000001,1.7275000000099998,0.7225,1.7825,0.78,1.84,0.83500000002,1.89500000002,0.89000000001,1.95000000001,0.94750000001],"NumberOfVolumesDiscardedByScanner":" ","NumberOfVolumesDiscardedByUser":10,"DelayTime":" ","FlipAngle":60,"MultibandAccelerationFactor":" ","Instructions":" ","TaskDescription":" ","CogAtlasID":" ","CogPOID":" ","InstitutionName":"Robarts-CFMM","InstitutionAddress":"Perth Drive 100,London//709CAB//,Ontario,CA,N6A 5K8"}