{"TaskName":"ep2d_bold_MemoryAndManiupulate_3","RepetitionTime":2,"Manufacturer":"SIEMENS ","ManufacturerModelName":"TrioTim ","MagneticFieldStrength":3,"DeviceSerialNumber":"35368 ","SoftwareVersions":"syngo MR B17","ReceiveCoilName":" ","GradientSetType":" ","MRTransmitCoilSequence":" ","MatrixCoilMode":" ","CoilCombinationMethod":" ","PulseSequenceType":" ","PulseSequenceDetails":" ","NumberShots":" ","ParallelReductionFactorInPlane":" ","ParallelAcquisitionTechnique":" ","PartialFourier":" ","PartialFourierDirection":" ","EffectiveEchoSpacing":0.00026499894000423993,"TotalReadoutTime":0.020934916260334956,"EchoTime":0.03,"InversionTime":" ","SliceTiming":[1.00249999999,0,1.0575,0.05499999999,1.1149999999900002,0.11,1.17,0.1675,1.22499999999,0.22249999999,1.2824999999900002,0.2775,1.3374999999900001,0.33249999999,1.39249999999,0.39,1.45,0.44499999999,1.5049999999900001,0.5,1.56,0.5575,1.6174999999900002,0.61249999999,1.6725,0.6675,1.72749999999,0.72499999999,1.7824999999900002,0.78,1.84,0.83499999999,1.89499999999,0.89249999999,1.95,0.94749999999],"NumberOfVolumesDiscardedByScanner":" ","NumberOfVolumesDiscardedByUser":10,"DelayTime":" ","FlipAngle":60,"MultibandAccelerationFactor":" ","Instructions":" ","TaskDescription":" ","CogAtlasID":" ","CogPOID":" ","InstitutionName":"Robarts-CFMM","InstitutionAddress":"Perth Drive 100,London//709CAB//,Ontario,CA,N6A 5K8"}